GEM
  remote: https://rubygems.org/
  specs:
    diff-lcs (1.1.3)
    faraday (0.8.4)
      multipart-post (~> 1.1)
    multipart-post (1.1.5)
    nokogiri (1.5.5)
    rainbow (1.1.4)
    rspec (2.11.0)
      rspec-core (~> 2.11.0)
      rspec-expectations (~> 2.11.0)
      rspec-mocks (~> 2.11.0)
    rspec-core (2.11.1)
    rspec-expectations (2.11.3)
      diff-lcs (~> 1.1.3)
    rspec-mocks (2.11.3)
    thor (0.16.0)
    vcr (2.2.5)

PLATFORMS
  ruby

DEPENDENCIES
  bundler
  faraday
  nokogiri
  rainbow
  rspec
  thor
  vcr
